GEM
  remote: https://rubygems.org/
  specs:
    bosh-template (2.4.0)
      semi_semantic (~> 1.2.0)
    diff-lcs (1.6.2)
    ostruct (0.6.1)
    rspec (3.13.1)
      rspec-core (~> 3.13.0)
      rspec-expectations (~> 3.13.0)
      rspec-mocks (~> 3.13.0)
    rspec-core (3.13.5)
      rspec-support (~> 3.13.0)
    rspec-expectations (3.13.5)
      diff-lcs (>= 1.2.0, < 2.0)
      rspec-support (~> 3.13.0)
    rspec-its (2.0.0)
      rspec-core (>= 3.13.0)
      rspec-expectations (>= 3.13.0)
    rspec-mocks (3.13.5)
      diff-lcs (>= 1.2.0, < 2.0)
      rspec-support (~> 3.13.0)
    rspec-support (3.13.5)
    semi_semantic (1.2.0)

PLATFORMS
  arm64-darwin-24
  ruby

DEPENDENCIES
  bosh-template
  ostruct
  rspec
  rspec-its

BUNDLED WITH
   2.7.1
